GEM
  remote: https://rubygems.org/
  specs:
    colorize (1.1.0)
    rake (13.3.0)

PLATFORMS
  ruby
  x86_64-linux

DEPENDENCIES
  colorize
  rake

BUNDLED WITH
   2.6.9
